GEM
  remote: https://rubygems.org/
  specs:
    dotenv (0.9.0)
    rake (10.1.1)
    sass (3.2.13)

PLATFORMS
  ruby

DEPENDENCIES
  dotenv
  rake
  sass
