GEM
  remote: https://rubygems.org/
  specs:
    dotenv (0.11.1)
      dotenv-deployment (~> 0.0.2)
    dotenv-deployment (0.0.2)
    rake (10.3.2)
    sass (3.4.4)

PLATFORMS
  ruby

DEPENDENCIES
  dotenv (~> 0.11.1)
  rake (~> 10.3.2)
  sass (~> 3.4.4)
