GEM
  remote: https://rubygems.org/
  specs:
    aws (2.5.8)
      http_connection
      http_connection
      uuidtools
      uuidtools
      xml-simple
      xml-simple
    dotenv (0.9.0)
    http_connection (1.4.4)
    mime-types (1.25.1)
    proxifier (1.0.3)
    s3cmd (1.0.1)
      aws (~> 2.5.6)
      mime-types (~> 1.16)
      proxifier (~> 1.0.2)
      thor (~> 0.14.6)
    sass (3.2.13)
    thor (0.14.6)
    uuidtools (2.1.4)
    xml-simple (1.1.3)

PLATFORMS
  ruby

DEPENDENCIES
  dotenv
  s3cmd (~> 1.0.1)
  sass
