GEM
  remote: https://rubygems.org/
  specs:
    aws (2.8.0)
      http_connection
      uuidtools
      xml-simple
    dotenv (0.9.0)
    http_connection (1.4.4)
    mime-types (1.25.1)
    proxifier (1.0.3)
    s3cmd (1.1.0)
      aws (~> 2.8.0)
      mime-types (~> 1.22)
      proxifier (~> 1.0.3)
      thor (~> 0.18.1)
    sass (3.2.13)
    thor (0.18.1)
    uuidtools (2.1.4)
    xml-simple (1.1.3)

PLATFORMS
  ruby

DEPENDENCIES
  dotenv
  s3cmd
  sass
